PATH
  remote: .
  specs:
    leifcr-mongrations (0.1.7)
      activemodel (~> 3.2.0)
      activesupport (~> 3.2.0)
      mongo_mapper (~> 0.13.0)

GEM
  remote: http://rubygems.org/
  specs:
    activemodel (3.2.19)
      activesupport (= 3.2.19)
      builder (~> 3.0.0)
    activesupport (3.2.19)
      i18n (~> 0.6, >= 0.6.4)
      multi_json (~> 1.0)
    bson (1.10.2)
    builder (3.0.4)
    i18n (0.6.11)
    mcmire-matchy (0.5.2)
    mongo (1.10.2)
      bson (= 1.10.2)
    mongo_mapper (0.13.0)
      activemodel (>= 3.0.0)
      activesupport (>= 3.0)
      mongo (~> 1.8)
      plucky (~> 0.6.5)
    multi_json (1.8.2)
    plucky (0.6.6)
      mongo (~> 1.5)
    rake (10.3.2)
    shoulda (3.5.0)
      shoulda-context (~> 1.0, >= 1.0.1)
      shoulda-matchers (>= 1.4.1, < 3.0)
    shoulda-context (1.2.1)
    shoulda-matchers (2.6.2)
      activesupport (>= 3.0.0)

PLATFORMS
  ruby

DEPENDENCIES
  bundler (~> 1.6)
  leifcr-mongrations!
  mcmire-matchy (~> 0.5.2)
  rake
  shoulda
